GEM
  specs:
    byebug (11.1.3)
    coderay (1.1.3)
    colorize (1.1.0)
    json (2.6.3)
    method_source (1.0.0)
    pry (0.14.2)
      coderay (~> 1.1)
      method_source (~> 1.0)
    pry-byebug (3.10.1)
      byebug (~> 11.0)
      pry (>= 0.13, < 0.15)

PLATFORMS
  x86_64-linux

DEPENDENCIES
  colorize (~> 1.1)
  json (~> 2.6, >= 2.6.3)
  pry-byebug (~> 3.10, >= 3.10.1)

BUNDLED WITH
   2.4.19
